GEM
  remote: https://rubygems.org/
  specs:
    argus (0.4.0)
    artoo (1.1.1)
      celluloid (~> 0.15.0)
      celluloid-io (~> 0.15.0)
      multi_json (~> 1.6)
      pry (~> 0.9)
      rake (~> 10.0)
      reel (~> 0.4.0.pre)
      thor (~> 0.18.1)
    artoo-ardrone (1.0.3)
      argus (~> 0.4.0)
      artoo (~> 1.1.0)
    artoo-leapmotion (0.1.3)
      artoo (~> 1.1.0)
      hybridgroup-celluloid-websocket-client
    celluloid (0.15.1)
      timers (~> 1.1.0)
    celluloid-io (0.15.0)
      celluloid (>= 0.15.0)
      nio4r (>= 0.5.0)
    coderay (1.0.9)
    http (0.5.0)
      http_parser.rb
    http_parser.rb (0.6.0.beta.2)
    hybridgroup-celluloid-websocket-client (0.0.3)
      celluloid-io
      websocket-driver
    method_source (0.8.2)
    multi_json (1.8.0)
    nio4r (0.5.0)
    pry (0.9.12.2)
      coderay (~> 1.0.5)
      method_source (~> 0.8)
      slop (~> 3.4)
    rake (10.1.0)
    reel (0.4.0)
      celluloid (>= 0.15.1)
      celluloid-io (>= 0.15.0)
      http (>= 0.5.0)
      http_parser.rb (>= 0.6.0.beta.2)
      websocket_parser (>= 0.1.4)
    slop (3.4.6)
    thor (0.18.1)
    timers (1.1.0)
    websocket-driver (0.3.0)
    websocket_parser (0.1.4)
      http

PLATFORMS
  ruby

DEPENDENCIES
  artoo
  artoo-ardrone
  artoo-leapmotion
